PATH
  remote: .
  specs:
    git-scribe (0.1.1)
      grit
      liquid
      nokogiri

GEM
  remote: https://rubygems.org/
  specs:
    asciidoctor (1.5.2)
    coderay (1.1.0)
    diff-lcs (1.2.5)
    grit (2.5.0)
      diff-lcs (~> 1.1)
      mime-types (~> 1.15)
      posix-spawn (~> 0.3.6)
    liquid (3.0.2)
    mime-types (1.25.1)
    mini_portile (0.6.2)
    nokogiri (1.6.6.2)
      mini_portile (~> 0.6.0)
    posix-spawn (0.3.11)
    power_assert (0.2.3)
    rake (10.4.2)
    test-unit (3.0.9)
      power_assert

PLATFORMS
  ruby

DEPENDENCIES
  asciidoctor
  coderay
  git-scribe!
  rake
  test-unit
