PATH
  remote: .
  specs:
    git-scribe (0.1.1)
      grit
      liquid
      nokogiri

GEM
  remote: http://rubygems.org/
  specs:
    diff-lcs (1.1.3)
    grit (2.5.0)
      diff-lcs (~> 1.1)
      mime-types (~> 1.15)
      posix-spawn (~> 0.3.6)
    liquid (2.3.0)
    mime-types (1.19)
    nokogiri (1.5.5)
    posix-spawn (0.3.6)
    rake (0.9.2)
    test-unit (2.3.2)

PLATFORMS
  ruby

DEPENDENCIES
  git-scribe!
  rake
  test-unit
