PATH
  remote: .
  specs:
    git-scribe (0.0.9)
      liquid
      nokogiri

GEM
  remote: http://rubygems.org/
  specs:
    liquid (2.2.2)
    nokogiri (1.5.0)
    rake (0.9.2)
    test-unit (2.3.2)

PLATFORMS
  ruby

DEPENDENCIES
  git-scribe!
  rake
  test-unit
